GEM
  remote: https://rubygems.org/
  specs:
    coderay (1.1.0)
    google-search (1.0.3)
      json
    json (1.8.1)
    method_source (0.8.2)
    pry (0.10.1)
      coderay (~> 1.1.0)
      method_source (~> 0.8.1)
      slop (~> 3.4)
    rmagick (2.15.2)
    slop (3.6.0)

PLATFORMS
  ruby

DEPENDENCIES
  google-search
  pry
  rmagick
