GEM
  remote: https://rubygems.org/
  specs:
    ascii-image (0.1.2)
      rainbow (>= 1.1.4)
      rmagick (>= 2.13.1)
    google-search (1.0.3)
      json
    json (1.8.1)
    rainbow (2.0.0)
    rmagick (2.13.3)

PLATFORMS
  ruby

DEPENDENCIES
  ascii-image
  google-search
